PATH
  remote: .
  specs:
    rosetta (0.0.1)
      activesupport
      i18n

GEM
  remote: https://rubygems.org/
  specs:
    activesupport (3.2.12)
      i18n (~> 0.6)
      multi_json (~> 1.0)
    diff-lcs (1.1.2)
    i18n (0.6.4)
    mocha (0.9.10)
      rake
    multi_json (1.7.3)
    rake (10.0.4)
    rspec (2.4.0)
      rspec-core (~> 2.4.0)
      rspec-expectations (~> 2.4.0)
      rspec-mocks (~> 2.4.0)
    rspec-core (2.4.0)
    rspec-expectations (2.4.0)
      diff-lcs (~> 1.1.2)
    rspec-mocks (2.4.0)

PLATFORMS
  ruby

DEPENDENCIES
  bundler (~> 1.3)
  mocha
  rake
  rosetta!
  rspec
